GEM
  remote: https://rubygems.org/
  specs:
    minitest (5.8.2)
    rake (10.4.2)
    redis (3.2.1)

PLATFORMS
  ruby

DEPENDENCIES
  bundler
  minitest
  rake
  redis

BUNDLED WITH
   1.10.6
